GEM
  remote: https://rubygems.org/
  specs:
    archive-zip (0.12.0)
      io-like (~> 0.3.0)
    ast (2.4.0)
    childprocess (3.0.0)
    chromedriver-helper (2.1.1)
      archive-zip (~> 0.10)
      nokogiri (~> 1.8)
    coderay (1.1.2)
    diff-lcs (1.3)
    io-like (0.3.0)
    jaro_winkler (1.5.3)
    method_source (0.9.2)
    mini_portile2 (2.4.0)
    minitest (5.11.3)
    mustermann (1.0.3)
    nokogiri (1.10.4)
      mini_portile2 (~> 2.4.0)
    parallel (1.18.0)
    parser (2.6.5.0)
      ast (~> 2.4.0)
    pry (0.12.2)
      coderay (~> 1.1.0)
      method_source (~> 0.9.0)
    rack (2.0.7)
    rack-flash3 (1.0.5)
      rack
    rack-protection (2.0.7)
      rack
    rack-test (1.1.0)
      rack (>= 1.0, < 3)
    rainbow (3.0.0)
    rake (13.0.0)
    rantly (2.0.0)
    require_all (2.0.0)
    rspec (3.8.0)
      rspec-core (~> 3.8.0)
      rspec-expectations (~> 3.8.0)
      rspec-mocks (~> 3.8.0)
    rspec-core (3.8.2)
      rspec-support (~> 3.8.0)
    rspec-expectations (3.8.5)
      diff-lcs (>= 1.2.0, < 2.0)
      rspec-support (~> 3.8.0)
    rspec-mocks (3.8.2)
      diff-lcs (>= 1.2.0, < 2.0)
      rspec-support (~> 3.8.0)
    rspec-support (3.8.3)
    rubocop (0.75.0)
      jaro_winkler (~> 1.5.1)
      parallel (~> 1.10)
      parser (>= 2.6)
      rainbow (>= 2.2.2, < 4.0)
      ruby-progressbar (~> 1.7)
      unicode-display_width (>= 1.4.0, < 1.7)
    ruby-progressbar (1.10.1)
    rubyzip (2.0.0)
    selenium-webdriver (3.142.6)
      childprocess (>= 0.5, < 4.0)
      rubyzip (>= 1.2.2)
    shotgun (0.9.2)
      rack (>= 1.0)
    sinatra (2.0.7)
      mustermann (~> 1.0)
      rack (~> 2.0)
      rack-protection (= 2.0.7)
      tilt (~> 2.0)
    tilt (2.0.10)
    unicode-display_width (1.6.0)
    webdrivers (2.3.2)
      nokogiri (~> 1.6)
      zip
    zip (2.0.2)

PLATFORMS
  ruby

DEPENDENCIES
  chromedriver-helper (~> 2.1, >= 2.1.1)
  minitest
  pry
  rack-flash3
  rack-test
  rake
  rantly
  require_all
  rspec
  rubocop
  selenium-webdriver (~> 3.142, >= 3.142.6)
  shotgun
  sinatra
  webdrivers

RUBY VERSION
   ruby 2.6.3p62

BUNDLED WITH
   1.17.2
